GIT
  remote: https://github.com/cloudfoundry/common.git
  revision: 72575ef1e830e6a7376f3f532b5190d04eb67210
  specs:
    em-posix-spawn (0.1.10)
      eventmachine
      posix-spawn

GIT
  remote: https://github.com/cloudfoundry/membrane.git
  revision: 28fb393d71ef30c9d96bfcb6e8392e5fa7be9fa9
  specs:
    membrane (0.0.3)

GIT
  remote: https://github.com/cloudfoundry/steno.git
  revision: cc9b5c5e5fd8550554e2a3111e1ccbf179b27efd
  specs:
    steno (1.1.0)
      fluent-logger
      grape
      yajl-ruby (~> 1.0)

GIT
  remote: https://github.com/cloudfoundry/warden.git
  revision: 223976f95927b78b134de67110edf7e5c827d7f4
  specs:
    warden-client (0.1.0)
      warden-protocol (~> 0.1.0)
    warden-protocol (0.1.3)
      beefcake

GEM
  remote: http://rubygems.org/
  specs:
    activesupport (4.0.0)
      i18n (~> 0.6, >= 0.6.4)
      minitest (~> 4.2)
      multi_json (~> 1.3)
      thread_safe (~> 0.1)
      tzinfo (~> 0.3.37)
    atomic (1.1.13)
    backports (3.3.3)
    beefcake (0.3.7)
    builder (3.2.2)
    columnize (0.3.6)
    debugger (1.6.1)
      columnize (>= 0.3.1)
      debugger-linecache (~> 1.2.0)
      debugger-ruby_core_source (~> 1.2.3)
    debugger-linecache (1.2.0)
    debugger-ruby_core_source (1.2.3)
    descendants_tracker (0.0.1)
    diff-lcs (1.2.4)
    eventmachine (1.0.3)
    ffi (1.9.0)
    fluent-logger (0.4.6)
      msgpack (>= 0.4.4, < 0.6.0, != 0.5.3, != 0.5.2, != 0.5.1, != 0.5.0)
      yajl-ruby (~> 1.0)
    grape (0.5.0)
      activesupport
      builder
      hashie (>= 1.2.0)
      multi_json (>= 1.3.2)
      multi_xml (>= 0.5.2)
      rack (>= 1.3.0)
      rack-accept
      rack-mount
      virtus
    hashie (2.0.5)
    i18n (0.6.5)
    minitest (4.7.5)
    msgpack (0.5.5)
    multi_json (1.7.9)
    multi_xml (0.5.5)
    posix-spawn (0.3.6)
    rack (1.5.2)
    rack-accept (0.4.5)
      rack (>= 0.4)
    rack-mount (0.8.3)
      rack (>= 1.0.0)
    rake (10.1.0)
    rspec (2.14.1)
      rspec-core (~> 2.14.0)
      rspec-expectations (~> 2.14.0)
      rspec-mocks (~> 2.14.0)
    rspec-core (2.14.5)
    rspec-expectations (2.14.2)
      diff-lcs (>= 1.1.3, < 2.0)
    rspec-mocks (2.14.3)
    sys-filesystem (1.1.0)
      ffi
    thread_safe (0.1.2)
      atomic
    tzinfo (0.3.37)
    virtus (0.5.5)
      backports (~> 3.3)
      descendants_tracker (~> 0.0.1)
    yajl-ruby (1.1.0)

PLATFORMS
  ruby

DEPENDENCIES
  debugger
  em-posix-spawn!
  eventmachine (~> 1.0.0)
  membrane!
  rake
  rspec
  steno (> 0.0.15)!
  sys-filesystem
  warden-client!
  warden-protocol!
  yajl-ruby
