GIT
  remote: https://github.com/X-Plat/warden.git
  revision: 5937d7eaf9f4bf3e3b31d7f101722110bb7bfaca
  branch: x-plat_dev
  specs:
    em-warden-client (0.1.1)
      eventmachine
      warden-client
      warden-protocol (>= 0.0.9)
    warden-client (0.1.0)
      warden-protocol (~> 0.1.0)
    warden-protocol (0.1.3)
      beefcake

GIT
  remote: https://github.com/cloudfoundry/common.git
  revision: 72575ef1e830e6a7376f3f532b5190d04eb67210
  specs:
    em-posix-spawn (0.1.10)
      eventmachine
      posix-spawn

GIT
  remote: https://github.com/cloudfoundry/membrane.git
  revision: b33b45c7b8a89af2b40aae1e1cb16e394877681f
  specs:
    membrane (0.0.3)

GIT
  remote: https://github.com/cloudfoundry/steno.git
  revision: e71a658f05b7cbf54006c3cc29db752cdfb192df
  specs:
    steno (0.0.15)
      grape
      yajl-ruby

GIT
  remote: https://github.com/cloudfoundry/vcap-common.git
  revision: f7653c1140e6818fca6dd9a7591c2e3dc8d2e24b
  specs:
    vcap_common (2.0.11)
      em-http-request (~> 1.0)
      eventmachine
      httpclient
      membrane (~> 0.0.2)
      mime-types
      multipart-post
      nats (~> 0.4.24)
      posix-spawn (~> 0.3.6)
      thin
      vmstat (~> 2.0)
      yajl-ruby

GEM
  remote: http://rubygems.org/
  specs:
    addressable (2.3.5)
    beefcake (0.3.7)
    cookiejar (0.3.0)
    daemons (1.1.9)
    diff-lcs (1.1.3)
    em-http-request (1.0.3)
      addressable (>= 2.2.3)
      cookiejar
      em-socksify
      eventmachine (>= 1.0.0.beta.4)
      http_parser.rb (>= 0.5.3)
    em-socksify (0.3.0)
      eventmachine (>= 1.0.0.beta.4)
    eventmachine (1.0.0)
    ffi (1.0.11)
    grape (0.2.1)
      hashie (~> 1.2)
      multi_json
      multi_xml
      rack
      rack-mount
    hashie (1.2.0)
    http_parser.rb (0.5.3)
    httpclient (2.3.3)
    json_pure (1.8.0)
    mime-types (1.23)
    multi_json (1.3.6)
    multi_xml (0.5.1)
    multipart-post (1.2.0)
    nats (0.4.26)
      daemons (>= 1.1.5)
      eventmachine (>= 0.12.10)
      json_pure (>= 1.7.3)
      thin (>= 1.4.1)
    posix-spawn (0.3.6)
    rack (1.4.1)
    rack-mount (0.8.3)
      rack (>= 1.0.0)
    rake (0.9.2.2)
    rspec (2.11.0)
      rspec-core (~> 2.11.0)
      rspec-expectations (~> 2.11.0)
      rspec-mocks (~> 2.11.0)
    rspec-core (2.11.0)
    rspec-expectations (2.11.1)
      diff-lcs (~> 1.1.3)
    rspec-mocks (2.11.1)
    sys-filesystem (1.0.0)
      ffi (>= 1.0.0)
    thin (1.5.1)
      daemons (>= 1.0.9)
      eventmachine (>= 0.12.6)
      rack (>= 1.0.0)
    vmstat (2.0.0)
    yajl-ruby (1.1.0)

PLATFORMS
  ruby

DEPENDENCIES
  em-posix-spawn!
  em-warden-client!
  eventmachine (~> 1.0.0)
  membrane!
  rake
  rspec
  steno (~> 0.0.15)!
  sys-filesystem
  vcap_common!
  warden-client!
  yajl-ruby
